GEM
  remote: https://rubygems.org/
  specs:
    capistrano (3.1.0)
      i18n
      rake (>= 10.0.0)
      sshkit (~> 1.3)
    capistrano-file-permissions (0.1.1)
      capistrano (~> 3.1)
    colorize (0.7.7)
    i18n (0.7.0)
    json (1.8.3)
    net-scp (1.2.1)
      net-ssh (>= 2.6.5)
    net-ssh (3.0.1)
    rake (10.4.2)
    slackistrano (1.0.0)
      capistrano (>= 3.0.1)
      json
    sshkit (1.7.1)
      colorize (>= 0.7.0)
      net-scp (>= 1.1.2)
      net-ssh (>= 2.8.0)

PLATFORMS
  ruby
  x86-mingw32

DEPENDENCIES
  capistrano (~> 3.1.0)
  capistrano-file-permissions
  slackistrano
